STORAGE: NONE
RESTRICTION: == netstandard2.0
NUGET
  remote: https://api.nuget.org/v3/index.json
    BenchmarkDotNet (0.12.1)
      BenchmarkDotNet.Annotations (>= 0.12.1)
      CommandLineParser (>= 2.4.3)
      Iced (>= 1.4)
      Microsoft.CodeAnalysis.CSharp (>= 2.10)
      Microsoft.Diagnostics.NETCore.Client (>= 0.2.61701)
      Microsoft.Diagnostics.Runtime (>= 1.1.57604)
      Microsoft.Diagnostics.Tracing.TraceEvent (>= 2.0.49)
      Microsoft.DotNet.PlatformAbstractions (>= 2.1)
      Microsoft.Win32.Registry (>= 4.5)
      Perfolizer (>= 0.2.1)
      System.Management (>= 4.5)
      System.Reflection.Emit (>= 4.3)
      System.Reflection.Emit.Lightweight (>= 4.3)
      System.Threading.Tasks.Extensions (>= 4.5.2)
      System.ValueTuple (>= 4.5)
    BenchmarkDotNet.Annotations (0.12.1)
    CommandLineParser (2.8)
    DocumentFormat.OpenXml (2.12.1)
      System.IO.Packaging (>= 4.7)
    Expecto (9.0.2)
      FSharp.Core (>= 4.6)
      Mono.Cecil (>= 0.11.2)
    Expecto.BenchmarkDotNet (9.0.2)
      BenchmarkDotNet (>= 0.12.1)
      FSharp.Core (>= 4.6)
    Expecto.FsCheck (9.0.2)
      Expecto (>= 9.0.2)
      FsCheck (>= 2.14.2)
    FsCheck (2.14.4)
      FSharp.Core (>= 4.2.3)
    FSharp.Core (5.0)
    Iced (1.10)
    Microsoft.Bcl.AsyncInterfaces (5.0)
      System.Threading.Tasks.Extensions (>= 4.5.4)
    Microsoft.CodeAnalysis.Analyzers (3.3.2)
    Microsoft.CodeAnalysis.Common (3.8)
      Microsoft.CodeAnalysis.Analyzers (>= 3.0)
      System.Collections.Immutable (>= 5.0)
      System.Memory (>= 4.5.4)
      System.Reflection.Metadata (>= 5.0)
      System.Runtime.CompilerServices.Unsafe (>= 4.7.1)
      System.Text.Encoding.CodePages (>= 4.5.1)
      System.Threading.Tasks.Extensions (>= 4.5.4)
    Microsoft.CodeAnalysis.CSharp (3.8)
      Microsoft.CodeAnalysis.Common (3.8)
    Microsoft.Diagnostics.NETCore.Client (0.2.160202)
      Microsoft.Bcl.AsyncInterfaces (>= 1.1)
    Microsoft.Diagnostics.Runtime (2.0.161401)
      Microsoft.Diagnostics.NETCore.Client (>= 0.2.61701)
      System.Buffers (>= 4.5.1)
      System.Collections.Immutable (>= 1.7.1)
      System.Memory (>= 4.5.4)
      System.Reflection.Metadata (>= 1.8.1)
      System.Runtime.CompilerServices.Unsafe (>= 4.7.1)
    Microsoft.Diagnostics.Tracing.TraceEvent (2.0.65)
      System.Runtime.CompilerServices.Unsafe (>= 4.5.2)
    Microsoft.DotNet.PlatformAbstractions (3.1.6)
    Microsoft.Win32.Registry (5.0)
      System.Buffers (>= 4.5.1)
      System.Memory (>= 4.5.4)
      System.Security.AccessControl (>= 5.0)
      System.Security.Principal.Windows (>= 5.0)
    Mono.Cecil (0.11.3)
    Perfolizer (0.2.1)
      System.Memory (>= 4.5.3)
    System.Buffers (4.5.1)
    System.CodeDom (5.0)
    System.Collections.Immutable (5.0)
      System.Memory (>= 4.5.4)
    System.IO.Packaging (5.0)
    System.Management (5.0)
      System.CodeDom (>= 5.0)
    System.Memory (4.5.4)
      System.Buffers (>= 4.5.1)
      System.Numerics.Vectors (>= 4.4)
      System.Runtime.CompilerServices.Unsafe (>= 4.5.3)
    System.Numerics.Vectors (4.5)
    System.Reflection.Emit (4.7)
      System.Reflection.Emit.ILGeneration (>= 4.7)
    System.Reflection.Emit.ILGeneration (4.7)
    System.Reflection.Emit.Lightweight (4.7)
      System.Reflection.Emit.ILGeneration (>= 4.7)
    System.Reflection.Metadata (5.0)
      System.Collections.Immutable (>= 5.0)
    System.Runtime.CompilerServices.Unsafe (5.0)
    System.Security.AccessControl (5.0)
      System.Security.Principal.Windows (>= 5.0)
    System.Security.Principal.Windows (5.0)
    System.Text.Encoding.CodePages (5.0)
      System.Runtime.CompilerServices.Unsafe (>= 5.0)
    System.Threading.Tasks.Extensions (4.5.4)
      System.Runtime.CompilerServices.Unsafe (>= 4.5.3)
    System.ValueTuple (4.5)
